GEM
  specs:
    coderay (1.1.3)
    ffi (1.15.5-java)
    method_source (1.0.0)
    pry (0.14.1-java)
      coderay (~> 1.1)
      method_source (~> 1.0)
      spoon (~> 0.0)
    spoon (0.0.6)
      ffi

PLATFORMS
  universal-java-21

DEPENDENCIES
  pry

BUNDLED WITH
   2.2.33
